GIT
  remote: git://github.com/Hainish/carrierwave.git
  revision: a42614fa67f6bdde7824ac6f7ca1f0bb385d930e
  branch: 0.5-stable
  specs:
    carrierwave (0.5.8)
      activesupport (>= 3.0)

GEM
  remote: http://rubygems.org/
  specs:
    POpen4 (0.1.4)
      Platform (>= 0.4.0)
      open4
    Platform (0.4.0)
    SyslogLogger (2.0)
    abstract (1.0.0)
    actionmailer (3.0.20)
      actionpack (= 3.0.20)
      mail (~> 2.2.19)
    actionpack (3.0.20)
      activemodel (= 3.0.20)
      activesupport (= 3.0.20)
      builder (~> 2.1.2)
      erubis (~> 2.6.6)
      i18n (~> 0.5.0)
      rack (~> 1.2.5)
      rack-mount (~> 0.6.14)
      rack-test (~> 0.5.7)
      tzinfo (~> 0.3.23)
    activemodel (3.0.20)
      activesupport (= 3.0.20)
      builder (~> 2.1.2)
      i18n (~> 0.5.0)
    activerecord (3.0.20)
      activemodel (= 3.0.20)
      activesupport (= 3.0.20)
      arel (~> 2.0.10)
      tzinfo (~> 0.3.23)
    activerecord-activesalesforce-adapter (2.0.0)
      builder (>= 1.2.4)
      rails (>= 2.0.2)
    activeresource (3.0.20)
      activemodel (= 3.0.20)
      activesupport (= 3.0.20)
    activesupport (3.0.20)
    airbrake (3.1.8)
      activesupport
      builder
      json
    arel (2.0.10)
    builder (2.1.2)
    daemon_controller (1.1.1)
    dalli (2.6.2)
    diff-lcs (1.1.3)
    erubis (2.6.6)
      abstract (>= 1.0.0)
    excon (0.7.12)
    execjs (1.4.0)
      multi_json (~> 1.0)
    factory_girl (2.6.4)
      activesupport (>= 2.3.9)
    factory_girl_rails (1.7.0)
      factory_girl (~> 2.6.0)
      railties (>= 3.0.0)
    fastercsv (1.5.5)
    fastthread (1.0.7)
    fog (1.0.0)
      builder
      excon (~> 0.7.3)
      formatador (~> 0.2.0)
      mime-types
      multi_json (~> 1.0.3)
      net-scp (~> 1.0.4)
      net-ssh (~> 2.1.4)
      nokogiri (~> 1.5.0)
      ruby-hmac
    formatador (0.2.4)
    geocoder (1.1.6)
    haml (4.0.0)
      tilt
    hoe (3.5.0)
      rake (>= 0.8, < 11.0)
    hoptoad_notifier (2.4.11)
      activesupport
      builder
    httpclient (2.3.2)
    i18n (0.5.0)
    iso_country_codes (0.4.0)
    jammit (0.6.5)
      yui-compressor (>= 0.9.3)
    json (1.7.7)
    libxml-ruby (2.6.0)
    linecache (0.46)
      rbx-require-relative (> 0.0.4)
    liquid (2.4.1)
    mail (2.2.19)
      activesupport (>= 2.3.6)
      i18n (>= 0.4.0)
      mime-types (~> 1.16)
      treetop (~> 1.4.8)
    mem_cache_fragment_store (1.0.1)
      actionpack (>= 1.12.5)
      hoe (>= 1.1.5)
      memcache-client (>= 1.1.0)
    memcache-client (1.8.5)
    mime-types (1.16)
    multi_json (1.0.4)
    mysql (2.9.1)
    net-scp (1.0.4)
      net-ssh (>= 1.99.1)
    net-ssh (2.1.4)
    nokogiri (1.5.0)
    open4 (1.3.0)
    passenger (3.0.19)
      daemon_controller (>= 1.0.0)
      fastthread (>= 1.0.1)
      rack
      rake (>= 0.8.1)
    polyglot (0.3.3)
    production_log_analyzer (1.5.1)
      rails_analyzer_tools (>= 1.4.0)
    rack (1.2.8)
    rack-mount (0.6.14)
      rack (>= 1.0.0)
    rack-test (0.5.7)
      rack (>= 1.0)
    rails (3.0.20)
      actionmailer (= 3.0.20)
      actionpack (= 3.0.20)
      activerecord (= 3.0.20)
      activeresource (= 3.0.20)
      activesupport (= 3.0.20)
      bundler (~> 1.0)
      railties (= 3.0.20)
    rails_analyzer_tools (1.4.0)
      SyslogLogger (>= 1.4.0)
      hoe (>= 1.2.0)
    railties (3.0.20)
      actionpack (= 3.0.20)
      activesupport (= 3.0.20)
      rake (>= 0.8.7)
      rdoc (~> 3.4)
      thor (~> 0.14.4)
    rake (10.0.3)
    rbx-require-relative (0.0.9)
    rdoc (3.12.1)
      json (~> 1.4)
    rmagick (2.13.2)
    rspec-core (2.12.2)
    rspec-expectations (2.12.1)
      diff-lcs (~> 1.1.3)
    rspec-mocks (2.12.2)
    rspec-rails (2.12.2)
      actionpack (>= 3.0)
      activesupport (>= 3.0)
      railties (>= 3.0)
      rspec-core (~> 2.12.0)
      rspec-expectations (~> 2.12.0)
      rspec-mocks (~> 2.12.0)
    ruby-hmac (0.4.0)
    sanitize (2.0.3)
      nokogiri (>= 1.4.4, < 1.6)
      nokogiri (>= 1.4.4, < 1.6)
    sexp_processor (4.1.5)
    simple-rss (1.2.3)
    spork (0.9.2)
    thor (0.14.6)
    tilt (1.3.3)
    tlsmail (0.0.1)
    transaction-simple (1.4.0)
      hoe (>= 1.1.7)
    treetop (1.4.12)
      polyglot
      polyglot (>= 0.3.1)
    typhoeus (0.3.3)
      mime-types
    tzinfo (0.3.35)
    uglifier (1.0.4)
      execjs (>= 0.3.0)
      multi_json (>= 1.0.2)
    will_paginate (3.0.4)
    xml-simple (1.0.12)
    yui-compressor (0.9.6)
      POpen4 (>= 0.1.4)

PLATFORMS
  ruby

DEPENDENCIES
  activerecord-activesalesforce-adapter (~> 2.0.0)
  airbrake
  carrierwave!
  dalli
  factory_girl_rails (~> 1.1)
  fastercsv
  fog (= 1.0.0)
  geocoder (= 1.1.6)
  haml
  hoe
  hoptoad_notifier
  httpclient
  iso_country_codes
  jammit (= 0.6.5)
  libxml-ruby
  linecache
  liquid
  mem_cache_fragment_store (= 1.0.1)
  mime-types (= 1.16)
  mysql
  nokogiri (= 1.5.0)
  passenger
  production_log_analyzer (= 1.5.1)
  rails (= 3.0.20)
  rake
  rdoc
  rmagick
  rspec-rails (>= 2.0.0.beta.10)
  sanitize
  sexp_processor
  simple-rss (= 1.2.3)
  spork (~> 0.9.0.rc)
  tlsmail (= 0.0.1)
  transaction-simple (= 1.4.0)
  typhoeus
  uglifier (= 1.0.4)
  will_paginate (~> 3.0.0)
  xml-simple (= 1.0.12)
