GEM
  remote: http://rubygems.org/
  specs:
    POpen4 (0.1.4)
      Platform (>= 0.4.0)
      open4
    Platform (0.4.0)
    SyslogLogger (1.4.0)
      hoe (>= 1.2.0)
    actionmailer (2.3.14)
      actionpack (= 2.3.14)
    actionpack (2.3.14)
      activesupport (= 2.3.14)
      rack (~> 1.1.0)
    activerecord (2.3.14)
      activesupport (= 2.3.14)
    activerecord-activesalesforce-adapter (2.0.0)
      builder (>= 1.2.4)
      rails (>= 2.0.2)
    activeresource (2.3.14)
      activesupport (= 2.3.14)
    activesupport (2.3.14)
    airbrake (3.0.4)
      activesupport
      builder
    aws-s3 (0.6.2)
      builder
      mime-types
      xml-simple
    builder (3.0.0)
    capistrano (2.5.19)
      highline
      net-scp (>= 1.0.0)
      net-sftp (>= 2.0.0)
      net-ssh (>= 2.0.14)
      net-ssh-gateway (>= 1.0.0)
    daemon_controller (0.2.6)
    daemons (1.0.10)
    delayed_job (2.0.7)
      activesupport (~> 2.0)
      daemons (= 1.0.10)
    execjs (1.2.9)
      multi_json (~> 1.0)
    fastercsv (1.5.4)
    fastthread (1.0.7)
    google-geocode (1.2.1)
      hoe (>= 1.1.4)
      rc-rest (>= 2.0.0)
    haml (3.1.3)
    highline (1.6.2)
    hoe (2.12.3)
      rake (~> 0.8)
    hoptoad_notifier (2.2.2)
      activesupport
    httpclient (2.2.2)
    i18n (0.6.0)
    jammit (0.6.3)
      yui-compressor (>= 0.9.3)
    json (1.6.1)
    libv8 (3.3.10.2)
    libxml-ruby (2.2.2)
    linecache (0.46)
      rbx-require-relative (> 0.0.4)
    mem_cache_fragment_store (1.0.1)
      actionpack (>= 1.12.5)
      hoe (>= 1.1.5)
      memcache-client (>= 1.1.0)
    memcache-client (1.8.5)
    mime-types (1.16)
    multi_json (1.0.3)
    mysql (2.8.1)
    net-http-persistent (1.9)
    net-scp (1.0.4)
      net-ssh (>= 1.99.1)
    net-sftp (2.0.5)
      net-ssh (>= 2.0.9)
    net-ssh (2.2.1)
    net-ssh-gateway (1.1.0)
      net-ssh (>= 1.99.1)
    nokogiri (1.4.2)
    open4 (1.2.0)
    passenger (3.0.7)
      daemon_controller (>= 0.2.5)
      fastthread (>= 1.0.1)
      rack
      rake (>= 0.8.1)
    production_log_analyzer (1.5.1)
      rails_analyzer_tools (>= 1.4.0)
    rack (1.1.2)
    rails (2.3.14)
      actionmailer (= 2.3.14)
      actionpack (= 2.3.14)
      activerecord (= 2.3.14)
      activeresource (= 2.3.14)
      activesupport (= 2.3.14)
      rake (>= 0.8.3)
    rails_analyzer_tools (1.4.0)
      SyslogLogger (>= 1.4.0)
      hoe (>= 1.2.0)
    rake (0.9.2)
    rbx-require-relative (0.0.5)
    rc-rest (4.0)
      net-http-persistent (~> 1.0)
      nokogiri (>= 1.3.1)
    rdoc (3.11)
      json (~> 1.4)
    rflickr (2006.02.01)
      mime-types (> 0.0.0)
    rmagick (2.13.1)
    rspec (1.3.2)
    rspec-rails (1.3.4)
      rack (>= 1.0.0)
      rspec (~> 1.3.1)
    sanitize (1.2.1)
      nokogiri (~> 1.4.1)
    sexp_processor (3.0.7)
    simple-rss (1.2.3)
    spork (0.8.5)
    therubyracer (0.9.8)
      libv8 (~> 3.3.10)
    tlsmail (0.0.1)
    transaction-simple (1.4.0)
      hoe (>= 1.1.7)
    typhoeus (0.3.2)
      mime-types
    uglifier (1.0.4)
      execjs (>= 0.3.0)
      multi_json (>= 1.0.2)
    xml-simple (1.0.12)
    yui-compressor (0.9.6)
      POpen4 (>= 0.1.4)

PLATFORMS
  ruby

DEPENDENCIES
  activerecord-activesalesforce-adapter (~> 2.0.0)
  airbrake
  aws-s3 (~> 0.6.2)
  capistrano (= 2.5.19)
  delayed_job (= 2.0.7)
  fastercsv
  google-geocode (= 1.2.1)
  haml
  hoe
  hoptoad_notifier
  httpclient
  i18n
  jammit
  libxml-ruby
  linecache
  mem_cache_fragment_store (= 1.0.1)
  memcache-client (= 1.8.5)
  mime-types (= 1.16)
  mysql
  nokogiri (= 1.4.2)
  passenger (= 3.0.7)
  production_log_analyzer (= 1.5.1)
  rails (= 2.3.14)
  rake
  rdoc
  rflickr (= 2006.02.01)
  rmagick
  rspec (= 1.3.2)
  rspec-rails (= 1.3.4)
  sanitize
  sexp_processor
  simple-rss (= 1.2.3)
  spork (= 0.8.5)
  therubyracer
  tlsmail (= 0.0.1)
  transaction-simple (= 1.4.0)
  typhoeus
  uglifier
  xml-simple (= 1.0.12)
